GEM
  remote: http://rubygems.org/
  specs:
    adsf (1.2.0)
      rack (>= 1.0.0)
    colored (1.2)
    cri (2.4.1)
      colored (>= 1.2)
    kramdown (1.3.1)
    mime-types (2.0)
    mini_portile (0.5.2)
    nanoc (3.6.7)
      cri (~> 2.3)
    nokogiri (1.6.1)
      mini_portile (~> 0.5.0)
    posix-spawn (0.3.8)
    pygments.rb (0.5.4)
      posix-spawn (~> 0.3.6)
      yajl-ruby (~> 1.1.0)
    rack (1.5.2)
    sass (3.2.13)
    systemu (2.6.0)
    yajl-ruby (1.1.0)

PLATFORMS
  ruby

DEPENDENCIES
  adsf
  kramdown
  mime-types
  nanoc (~> 3.6.0)
  nokogiri
  pygments.rb
  sass
  systemu
