GEM
  remote: https://rubygems.org/
  specs:
    addressable (2.7.0)
      public_suffix (>= 2.0.2, < 5.0)
    adsf (1.4.3)
      rack (>= 1.0.0, < 3.0.0)
    ansi (1.5.0)
    aws-sdk (2.11.171)
      aws-sdk-resources (= 2.11.171)
    aws-sdk-core (2.11.171)
      aws-sigv4 (~> 1.0)
      jmespath (~> 1.0)
    aws-sdk-resources (2.11.171)
      aws-sdk-core (= 2.11.171)
    aws-sigv4 (1.0.3)
    builder (3.2.4)
    coderay (1.1.2)
    colored (1.2)
    concurrent-ruby (1.1.5)
    configure-s3-website (2.3.0)
      aws-sdk (~> 2)
      deep_merge (~> 1.0.0)
    cri (2.15.9)
    daemons (1.2.6)
    ddmemoize (1.0.0)
      ddmetrics (~> 1.0)
      ref (~> 2.0)
    ddmetrics (1.0.1)
    ddplugin (1.0.2)
    deep_merge (1.0.1)
    diff-lcs (1.3)
    dotenv (1.0.2)
    equatable (0.6.1)
    eventmachine (1.2.7)
    exifr (1.3.4)
    ffi (1.11.3)
    formatador (0.2.5)
    fspath (3.1.0)
    guard (2.16.1)
      formatador (>= 0.2.4)
      listen (>= 2.7, < 4.0)
      lumberjack (>= 1.0.12, < 2.0)
      nenv (~> 0.1)
      notiffany (~> 0.0)
      pry (>= 0.9.12)
      shellany (~> 0.0)
      thor (>= 0.18.1)
    guard-compat (1.2.1)
    guard-nanoc (2.1.7)
      guard (~> 2.8)
      guard-compat (~> 1.0)
      nanoc (>= 4.11.13, < 5.0)
    hamster (3.0.0)
      concurrent-ruby (~> 1.0)
    image_optim (0.26.3)
      exifr (~> 1.2, >= 1.2.2)
      fspath (~> 3.0)
      image_size (>= 1.5, < 3)
      in_threads (~> 1.3)
      progress (~> 3.0, >= 3.0.1)
    image_optim_pack (0.5.1)
      fspath (>= 2.1, < 4)
      image_optim (~> 0.19)
    image_size (2.0.0)
    in_threads (1.5.0)
    jmespath (1.4.0)
    json_schema (0.20.8)
    kramdown (1.17.0)
    listen (3.2.1)
      rb-fsevent (~> 0.10, >= 0.10.3)
      rb-inotify (~> 0.9, >= 0.9.10)
    lumberjack (1.0.13)
    method_source (0.9.2)
    mime-types (3.3)
      mime-types-data (~> 3.2015)
    mime-types-data (3.2019.1009)
    mini_portile2 (2.4.0)
    minitest (5.13.0)
    minitest-reporters (1.4.2)
      ansi
      builder
      minitest (>= 5.0)
      ruby-progressbar
    nanoc (4.11.14)
      addressable (~> 2.5)
      colored (~> 1.2)
      nanoc-cli (= 4.11.14)
      nanoc-core (= 4.11.14)
      parallel (~> 1.12)
      tty-command (~> 0.8)
      tty-which (~> 0.4)
    nanoc-cli (4.11.14)
      cri (~> 2.15)
      diff-lcs (~> 1.3)
      nanoc-core (= 4.11.14)
      zeitwerk (~> 2.1)
    nanoc-core (4.11.14)
      ddmemoize (~> 1.0)
      ddmetrics (~> 1.0)
      ddplugin (~> 1.0)
      hamster (~> 3.0)
      json_schema (~> 0.19)
      slow_enumerator_tools (~> 1.0)
      tomlrb (~> 1.2)
      tty-platform (~> 0.2)
      zeitwerk (~> 2.1)
    nenv (0.3.0)
    nokogiri (1.10.7)
      mini_portile2 (~> 2.4.0)
    notiffany (0.1.3)
      nenv (~> 0.1)
      shellany (~> 0.0)
    parallel (1.19.1)
    pastel (0.7.3)
      equatable (~> 0.6)
      tty-color (~> 0.5)
    progress (3.5.0)
    pry (0.12.2)
      coderay (~> 1.1.0)
      method_source (~> 0.9.0)
    public_suffix (4.0.1)
    rack (2.0.7)
    rake (12.3.1)
    rb-fsevent (0.10.3)
    rb-inotify (0.10.0)
      ffi (~> 1.0)
    ref (2.0.0)
    rouge (3.3.0)
    ruby-progressbar (1.10.1)
    s3_website (3.4.0)
      colored (= 1.2)
      configure-s3-website (= 2.3.0)
      dotenv (~> 1.0)
      thor (~> 0.18)
    sass (3.7.4)
      sass-listen (~> 4.0.0)
    sass-listen (4.0.0)
      rb-fsevent (~> 0.9, >= 0.9.4)
      rb-inotify (~> 0.9, >= 0.9.7)
    shellany (0.0.1)
    slow_enumerator_tools (1.1.0)
    systemu (2.6.5)
    thin (1.7.2)
      daemons (~> 1.0, >= 1.0.9)
      eventmachine (~> 1.0, >= 1.0.4)
      rack (>= 1, < 3)
    thor (0.20.3)
    tomlrb (1.2.9)
    tty-color (0.5.0)
    tty-command (0.9.0)
      pastel (~> 0.7.0)
    tty-platform (0.2.1)
    tty-which (0.4.1)
    zeitwerk (2.2.2)

PLATFORMS
  ruby

DEPENDENCIES
  adsf
  builder
  guard-nanoc
  image_optim
  image_optim_pack
  kramdown
  mime-types
  minitest
  minitest-reporters
  nanoc (~> 4.0)
  nokogiri
  rake
  rouge
  s3_website
  sass
  systemu
  thin

BUNDLED WITH
   1.17.1
