GEM
  remote: https://rubygems.org/
  specs:
    adsf (1.2.0)
      rack (>= 1.0.0)
    ansi (1.5.0)
    builder (3.2.2)
    colored (1.2)
    configure-s3-website (1.7.1)
      deep_merge (= 1.0.0)
    cri (2.6.1)
      colored (~> 1.2)
    deep_merge (1.0.0)
    dotenv (1.0.2)
    exifr (1.2.3.1)
    fspath (2.1.1)
    image_optim (0.22.0)
      exifr (~> 1.2, >= 1.2.2)
      fspath (~> 2.1)
      image_size (~> 1.3)
      in_threads (~> 1.3)
      progress (~> 3.0, >= 3.0.1)
    image_optim_pack (0.2.1.20151113)
      fspath (~> 2.1)
      image_optim (~> 0.19)
    image_size (1.4.1)
    in_threads (1.3.1)
    kramdown (1.4.0)
    mime-types (2.3)
    mini_portile (0.6.0)
    minitest (5.8.1)
    minitest-reporters (1.1.2)
      ansi
      builder
      minitest (>= 5.0)
      ruby-progressbar
    nanoc (3.7.4)
      cri (~> 2.3)
    nokogiri (1.6.2.1)
      mini_portile (= 0.6.0)
    posix-spawn (0.3.8)
    progress (3.1.0)
    pygments.rb (0.6.0)
      posix-spawn (~> 0.3.6)
      yajl-ruby (~> 1.1.0)
    rack (1.5.2)
    rake (10.4.2)
    ruby-progressbar (1.7.5)
    s3_website (2.12.2)
      colored (= 1.2)
      configure-s3-website (= 1.7.1)
      dotenv (~> 1.0)
      thor (~> 0.18)
    sass (3.3.9)
    systemu (2.6.4)
    thor (0.19.1)
    yajl-ruby (1.1.0)

PLATFORMS
  ruby

DEPENDENCIES
  adsf
  builder
  image_optim
  image_optim_pack
  kramdown
  mime-types
  minitest
  minitest-reporters
  nanoc (~> 3.7.0)
  nokogiri
  pygments.rb
  rake
  s3_website
  sass
  systemu
