GEM
  remote: https://rubygems.org/
  specs:
    adsf (1.2.1)
      rack (>= 1.0.0)
    ansi (1.5.0)
    builder (3.2.2)
    coderay (1.1.1)
    colored (1.2)
    concurrent-ruby (1.0.2)
    configure-s3-website (1.7.1)
      deep_merge (= 1.0.0)
    cri (2.7.0)
      colored (~> 1.2)
    daemons (1.2.3)
    deep_merge (1.0.0)
    dotenv (1.0.2)
    eventmachine (1.2.0.1)
    exifr (1.2.5)
    ffi (1.9.14)
    formatador (0.2.5)
    fspath (3.0.0)
    guard (2.14.0)
      formatador (>= 0.2.4)
      listen (>= 2.7, < 4.0)
      lumberjack (~> 1.0)
      nenv (~> 0.1)
      notiffany (~> 0.0)
      pry (>= 0.9.12)
      shellany (~> 0.0)
      thor (>= 0.18.1)
    guard-compat (1.2.1)
    guard-nanoc (2.0.0)
      guard (~> 2.8)
      guard-compat (~> 1.0)
      nanoc (~> 4.0)
    hamster (3.0.0)
      concurrent-ruby (~> 1.0)
    image_optim (0.23.0)
      exifr (~> 1.2, >= 1.2.2)
      fspath (~> 3.0)
      image_size (~> 1.3)
      in_threads (~> 1.3)
      progress (~> 3.0, >= 3.0.1)
    image_optim_pack (0.3.0)
      fspath (>= 2.1, < 4)
      image_optim (~> 0.19)
    image_size (1.4.2)
    in_threads (1.3.1)
    kramdown (1.11.1)
    listen (3.1.5)
      rb-fsevent (~> 0.9, >= 0.9.4)
      rb-inotify (~> 0.9, >= 0.9.7)
      ruby_dep (~> 1.2)
    lumberjack (1.0.10)
    method_source (0.8.2)
    mime-types (3.1)
      mime-types-data (~> 3.2015)
    mime-types-data (3.2016.0521)
    mini_portile2 (2.1.0)
    minitest (5.9.0)
    minitest-reporters (1.1.11)
      ansi
      builder
      minitest (>= 5.0)
      ruby-progressbar
    nanoc (4.2.4)
      cri (~> 2.3)
      hamster (~> 3.0)
      ref (~> 2.0)
    nenv (0.3.0)
    nokogiri (1.6.8)
      mini_portile2 (~> 2.1.0)
      pkg-config (~> 1.1.7)
    notiffany (0.1.1)
      nenv (~> 0.1)
      shellany (~> 0.0)
    pkg-config (1.1.7)
    progress (3.2.2)
    pry (0.10.4)
      coderay (~> 1.1.0)
      method_source (~> 0.8.1)
      slop (~> 3.4)
    rack (2.0.1)
    rake (11.2.2)
    rb-fsevent (0.9.7)
    rb-inotify (0.9.7)
      ffi (>= 0.5.0)
    ref (2.0.0)
    rouge (2.0.5)
    ruby-progressbar (1.8.1)
    ruby_dep (1.3.1)
    s3_website (2.14.0)
      colored (= 1.2)
      configure-s3-website (= 1.7.1)
      dotenv (~> 1.0)
      thor (~> 0.18)
    sass (3.4.22)
    shellany (0.0.1)
    slop (3.6.0)
    systemu (2.6.5)
    thin (1.7.0)
      daemons (~> 1.0, >= 1.0.9)
      eventmachine (~> 1.0, >= 1.0.4)
      rack (>= 1, < 3)
    thor (0.19.1)

PLATFORMS
  ruby

DEPENDENCIES
  adsf
  builder
  guard-nanoc
  image_optim
  image_optim_pack
  kramdown
  mime-types
  minitest
  minitest-reporters
  nanoc (~> 4.0)
  nokogiri
  rake
  rouge
  s3_website
  sass
  systemu
  thin

BUNDLED WITH
   1.12.5
