GEM
  remote: http://rubygems.org/
  specs:
    adsf (1.2.0)
      rack (>= 1.0.0)
    colored (1.2)
    cri (2.6.1)
      colored (~> 1.2)
    kramdown (1.4.0)
    mime-types (2.3)
    mini_portile (0.6.0)
    nanoc (3.6.11)
      cri (~> 2.3)
    nokogiri (1.6.2.1)
      mini_portile (= 0.6.0)
    posix-spawn (0.3.8)
    pygments.rb (0.6.0)
      posix-spawn (~> 0.3.6)
      yajl-ruby (~> 1.1.0)
    rack (1.5.2)
    sass (3.3.9)
    systemu (2.6.4)
    yajl-ruby (1.1.0)

PLATFORMS
  ruby

DEPENDENCIES
  adsf
  kramdown
  mime-types
  nanoc (~> 3.6.0)
  nokogiri
  pygments.rb
  sass
  systemu
