GEM
  remote: https://rubygems.org/
  specs:
    addressable (2.7.0)
      public_suffix (>= 2.0.2, < 5.0)
    adsf (1.4.3)
      rack (>= 1.0.0, < 3.0.0)
    ansi (1.5.0)
    builder (3.2.4)
    coderay (1.1.2)
    colored (1.2)
    concurrent-ruby (1.1.7)
    cri (2.15.10)
    daemons (1.3.1)
    ddmemoize (1.0.0)
      ddmetrics (~> 1.0)
      ref (~> 2.0)
    ddmetrics (1.0.1)
    ddplugin (1.0.2)
    diff-lcs (1.4.4)
    equatable (0.6.1)
    eventmachine (1.2.7)
    ffi (1.12.2)
    formatador (0.2.5)
    guard (2.16.1)
      formatador (>= 0.2.4)
      listen (>= 2.7, < 4.0)
      lumberjack (>= 1.0.12, < 2.0)
      nenv (~> 0.1)
      notiffany (~> 0.0)
      pry (>= 0.9.12)
      shellany (~> 0.0)
      thor (>= 0.18.1)
    guard-compat (1.2.1)
    guard-nanoc (2.1.9)
      guard (~> 2.8)
      guard-compat (~> 1.0)
      nanoc-cli (~> 4.11, >= 4.11.14)
      nanoc-core (~> 4.11, >= 4.11.14)
    hamster (3.0.0)
      concurrent-ruby (~> 1.0)
    json_schema (0.20.9)
    kramdown (2.3.0)
      rexml
    kramdown-parser-gfm (1.1.0)
      kramdown (~> 2.0)
    listen (3.2.1)
      rb-fsevent (~> 0.10, >= 0.10.3)
      rb-inotify (~> 0.9, >= 0.9.10)
    lumberjack (1.2.4)
    method_source (0.9.2)
    mime-types (3.3.1)
      mime-types-data (~> 3.2015)
    mime-types-data (3.2019.1009)
    mini_portile2 (2.4.0)
    minitest (5.14.2)
    minitest-reporters (1.4.2)
      ansi
      builder
      minitest (>= 5.0)
      ruby-progressbar
    nanoc (4.11.19)
      addressable (~> 2.5)
      colored (~> 1.2)
      nanoc-checking (~> 1.0)
      nanoc-cli (= 4.11.19)
      nanoc-core (= 4.11.19)
      nanoc-deploying (~> 1.0)
      parallel (~> 1.12)
      tty-command (~> 0.8)
      tty-which (~> 0.4)
    nanoc-checking (1.0.0)
      nanoc-cli (~> 4.11, >= 4.11.15)
      nanoc-core (~> 4.11, >= 4.11.15)
    nanoc-cli (4.11.19)
      cri (~> 2.15)
      diff-lcs (~> 1.3)
      nanoc-core (= 4.11.19)
      zeitwerk (~> 2.1)
    nanoc-core (4.11.19)
      concurrent-ruby (~> 1.1)
      ddmemoize (~> 1.0)
      ddmetrics (~> 1.0)
      ddplugin (~> 1.0)
      hamster (~> 3.0)
      json_schema (~> 0.19)
      slow_enumerator_tools (~> 1.0)
      tomlrb (~> 1.2)
      tty-platform (~> 0.2)
      zeitwerk (~> 2.1)
    nanoc-deploying (1.0.0)
      nanoc-checking (~> 1.0)
      nanoc-cli (~> 4.11, >= 4.11.15)
      nanoc-core (~> 4.11, >= 4.11.15)
    nenv (0.3.0)
    nokogiri (1.10.10)
      mini_portile2 (~> 2.4.0)
    notiffany (0.1.3)
      nenv (~> 0.1)
      shellany (~> 0.0)
    parallel (1.19.2)
    pastel (0.7.4)
      equatable (~> 0.6)
      tty-color (~> 0.5)
    pry (0.12.2)
      coderay (~> 1.1.0)
      method_source (~> 0.9.0)
    public_suffix (4.0.6)
    rack (2.2.3)
    rake (13.0.1)
    rb-fsevent (0.10.3)
    rb-inotify (0.10.1)
      ffi (~> 1.0)
    ref (2.0.0)
    rexml (3.2.4)
    rouge (3.25.0)
    ruby-progressbar (1.10.1)
    sass (3.7.4)
      sass-listen (~> 4.0.0)
    sass-listen (4.0.0)
      rb-fsevent (~> 0.9, >= 0.9.4)
      rb-inotify (~> 0.9, >= 0.9.7)
    shellany (0.0.1)
    slow_enumerator_tools (1.1.0)
    systemu (2.6.5)
    thin (1.8.0)
      daemons (~> 1.0, >= 1.0.9)
      eventmachine (~> 1.0, >= 1.0.4)
      rack (>= 1, < 3)
    thor (1.0.1)
    tomlrb (1.3.0)
    tty-color (0.5.2)
    tty-command (0.9.0)
      pastel (~> 0.7.0)
    tty-platform (0.3.0)
    tty-which (0.4.2)
    zeitwerk (2.4.0)

PLATFORMS
  ruby

DEPENDENCIES
  adsf
  builder
  guard-nanoc
  kramdown
  kramdown-parser-gfm
  mime-types
  minitest
  minitest-reporters
  nanoc (~> 4.0)
  nokogiri
  rake
  rouge
  sass
  systemu
  thin

BUNDLED WITH
   1.17.3
