GEM
  remote: https://rubygems.org/
  specs:
    adsf (1.2.0)
      rack (>= 1.0.0)
    builder (3.2.2)
    colored (1.2)
    configure-s3-website (1.7.1)
      deep_merge (= 1.0.0)
    cri (2.6.1)
      colored (~> 1.2)
    deep_merge (1.0.0)
    dotenv (1.0.2)
    kramdown (1.4.0)
    mime-types (2.3)
    mini_portile (0.6.0)
    nanoc (3.7.4)
      cri (~> 2.3)
    nokogiri (1.6.2.1)
      mini_portile (= 0.6.0)
    posix-spawn (0.3.8)
    pygments.rb (0.6.0)
      posix-spawn (~> 0.3.6)
      yajl-ruby (~> 1.1.0)
    rack (1.5.2)
    s3_website (2.8.3)
      colored (= 1.2)
      configure-s3-website (= 1.7.1)
      dotenv (~> 1.0)
      thor (~> 0.18)
    sass (3.3.9)
    systemu (2.6.4)
    thor (0.19.1)
    yajl-ruby (1.1.0)

PLATFORMS
  ruby

DEPENDENCIES
  adsf
  builder
  kramdown
  mime-types
  nanoc (~> 3.7.0)
  nokogiri
  pygments.rb
  s3_website
  sass
  systemu
